PATH
  remote: .
  specs:
    app (0.1.0)
      grpc

GEM
  remote: https://rubygems.org/
  specs:
    google-protobuf (3.13.0-x86_64-linux)
    googleapis-common-protos-types (1.0.5)
      google-protobuf (~> 3.11)
    grpc (1.32.0-x86_64-linux)
      google-protobuf (~> 3.13)
      googleapis-common-protos-types (~> 1.0)
    rake (12.3.3)

PLATFORMS
  ruby

DEPENDENCIES
  app!
  rake (~> 12.0)

BUNDLED WITH
   2.1.4
